GEM
  remote: https://rubygems.org/
  specs:
    algorithms (1.0.1)
    debug (1.9.1)
      irb (~> 1.10)
      reline (>= 0.3.8)
    io-console (0.7.2)
    irb (1.11.2)
      rdoc
      reline (>= 0.4.2)
    psych (5.1.2)
      stringio
    rdoc (6.6.2)
      psych (>= 4.0.0)
    reline (0.4.2)
      io-console (~> 0.5)
    stringio (3.1.0)

PLATFORMS
  arm64-darwin-22
  arm64-darwin-23
  x86_64-darwin-22

DEPENDENCIES
  algorithms
  debug

RUBY VERSION
   ruby 3.3.0p0

BUNDLED WITH
   2.4.10
