GEM
  remote: https://rubygems.org/
  specs:
    algorithms (1.0.0)
    debug (1.8.0)
      irb (>= 1.5.0)
      reline (>= 0.3.1)
    io-console (0.6.0)
    irb (1.6.4)
      reline (>= 0.3.0)
    reline (0.3.4)
      io-console (~> 0.5)

PLATFORMS
  arm64-darwin-22
  x86_64-darwin-22

DEPENDENCIES
  algorithms
  debug

RUBY VERSION
   ruby 3.2.2p53

BUNDLED WITH
   2.4.10
